REDIRECTS: ON
STRATEGY: MAX
LOWEST_MATCHING: FALSE
RESTRICTION: == net35
NUGET
  remote: https://api.nuget.org/v3/index.json
    WixSharp (1.9.3)
      WixSharp.bin (>= 1.9.3)
    WixSharp.bin (1.9.3)
